GEM
  remote: http://rubygems.org/
  specs:
    activesupport (3.2.12)
      i18n (~> 0.6)
      multi_json (~> 1.0)
    addressable (2.3.2)
    coderay (1.0.8)
    crack (0.3.2)
    diff-lcs (1.1.3)
    git (1.2.5)
    guard (1.6.2)
      listen (>= 0.6.0)
      lumberjack (>= 1.0.2)
      pry (>= 0.9.10)
      terminal-table (>= 1.4.3)
      thor (>= 0.14.6)
    guard-bundler (1.0.0)
      bundler (~> 1.0)
      guard (~> 1.1)
    guard-rspec (2.4.0)
      guard (>= 1.1)
      rspec (~> 2.11)
    i18n (0.6.1)
    jeweler (1.8.4)
      bundler (~> 1.0)
      git (>= 1.2.5)
      rake
      rdoc
    json (1.7.7)
    listen (0.7.2)
    lumberjack (1.0.2)
    method_source (0.8.1)
    mime-types (1.21)
    multi_json (1.6.1)
    pry (0.9.12)
      coderay (~> 1.0.5)
      method_source (~> 0.8)
      slop (~> 3.4)
    rake (10.0.3)
    rb-fsevent (0.9.3)
    rdoc (3.12.1)
      json (~> 1.4)
    rest-client (1.6.7)
      mime-types (>= 1.16)
    rspec (2.12.0)
      rspec-core (~> 2.12.0)
      rspec-expectations (~> 2.12.0)
      rspec-mocks (~> 2.12.0)
    rspec-core (2.12.2)
    rspec-expectations (2.12.1)
      diff-lcs (~> 1.1.3)
    rspec-mocks (2.12.2)
    slop (3.4.3)
    terminal-notifier (1.4.2)
    terminal-table (1.4.5)
    thor (0.17.0)
    vcr (2.4.0)
    webmock (1.9.2)
      addressable (>= 2.2.7)
      crack (>= 0.3.2)

PLATFORMS
  ruby

DEPENDENCIES
  activesupport
  bundler
  guard
  guard-bundler
  guard-rspec
  jeweler
  rb-fsevent
  rest-client
  rspec (>= 2.0.0)
  terminal-notifier
  vcr
  webmock
